GEM
  remote: https://rubygems.org/
  specs:
    curses (1.0.2)

PLATFORMS
  ruby

DEPENDENCIES
  curses (~> 1.0, >= 1.0.2)

BUNDLED WITH
   1.13.1
